GEM
  remote: http://rubygems.org/
  specs:
    ansi (1.4.3)
    builder (3.2.2)
    hashie (2.0.5)
    hashr (0.0.22)
    hoe (3.7.1)
      rake (>= 0.8, < 11.0)
    hoe-travis (1.2)
      hoe (~> 3.0)
      travis-lint (~> 1.2)
    minitest (4.7.5)
    minitest-reporters (0.14.23)
      ansi
      builder
      minitest (>= 2.12, < 5.0)
      powerbar
    multi_json (1.8.2)
    powerbar (1.0.11)
      ansi (~> 1.4.0)
      hashie (>= 1.1.0)
    racc (1.4.10)
    rake (10.1.0)
    sbsm (1.2.3)
    simplecov (0.7.1)
      multi_json (~> 1.0)
      simplecov-html (~> 0.7.1)
    simplecov-html (0.7.1)
    test-unit (2.5.5)
    travis-lint (1.7.0)
      hashr (~> 0.0.22)

PLATFORMS
  java
  ruby

DEPENDENCIES
  hoe
  hoe-travis
  minitest
  minitest-reporters
  racc
  rake
  sbsm
  simplecov
  test-unit
  travis-lint
