GIT
  remote: https://github.com/ngiger/sbsm.git
  revision: 0bd0eaf67d7c089fcb30570eeb48b7fc64a606a5
  specs:
    sbsm (1.2.5)
      hpricot
      mail
      rack
      rockit

PATH
  remote: .
  specs:
    htmlgrid (1.0.8)
      sbsm

GEM
  remote: http://rubygems.org/
  specs:
    ansi (1.5.0)
    builder (3.2.2)
    byebug (8.2.4)
    coderay (1.1.1)
    diff-lcs (1.2.5)
    docile (1.1.5)
    flexmock (2.0.5)
    hpricot (0.8.6)
    json (1.8.3)
    mail (2.6.4)
      mime-types (>= 1.16, < 4)
    method_source (0.8.2)
    mime-types (3.0)
      mime-types-data (~> 3.2015)
    mime-types-data (3.2016.0221)
    minitest (5.8.4)
    minitest-reporters (1.1.8)
      ansi
      builder
      minitest (>= 5.0)
      ruby-progressbar
    pry (0.10.3)
      coderay (~> 1.1.0)
      method_source (~> 0.8.1)
      slop (~> 3.4)
    pry-byebug (3.3.0)
      byebug (~> 8.0)
      pry (~> 0.10)
    pry-doc (0.8.0)
      pry (~> 0.9)
      yard (~> 0.8)
    rack (1.6.4)
    rake (11.1.2)
    rdoc (4.2.2)
      json (~> 1.4)
    rockit (0.7.2)
    rspec (3.4.0)
      rspec-core (~> 3.4.0)
      rspec-expectations (~> 3.4.0)
      rspec-mocks (~> 3.4.0)
    rspec-core (3.4.4)
      rspec-support (~> 3.4.0)
    rspec-expectations (3.4.0)
      diff-lcs (>= 1.2.0, < 2.0)
      rspec-support (~> 3.4.0)
    rspec-mocks (3.4.1)
      diff-lcs (>= 1.2.0, < 2.0)
      rspec-support (~> 3.4.0)
    rspec-support (3.4.1)
    ruby-progressbar (1.8.0)
    simplecov (0.11.2)
      docile (~> 1.1.0)
      json (~> 1.8)
      simplecov-html (~> 0.10.0)
    simplecov-html (0.10.0)
    slop (3.6.0)
    yard (0.8.7.6)

PLATFORMS
  ruby

DEPENDENCIES
  bundler
  flexmock
  htmlgrid!
  minitest
  minitest-reporters
  pry-byebug
  pry-doc
  rake
  rdoc
  rspec
  sbsm!
  simplecov

BUNDLED WITH
   1.11.2
